GEM
  remote: http://rubygems.org/
  specs:
    facter (1.7.3)
    hiera (1.2.1)
      json_pure
    json (1.8.0)
    json_pure (1.8.0)
    kgio (2.8.1)
    puppet (3.3.0)
      facter (~> 1.6)
      hiera (~> 1.0)
      rgen (~> 0.6.5)
    rack (1.5.2)
    rack-protection (1.5.0)
      rack
    raindrops (0.12.0)
    rgen (0.6.6)
    sinatra (1.4.2)
      rack (~> 1.5, >= 1.5.2)
      rack-protection (~> 1.4)
      tilt (~> 1.3, >= 1.3.4)
    tilt (1.4.1)
    unicorn (4.6.3)
      kgio (~> 2.6)
      rack
      raindrops (~> 0.7)

PLATFORMS
  ruby

DEPENDENCIES
  json
  puppet
  sinatra (< 1.4.3)
  unicorn
